GEM
  remote: https://rubygems.org/
  specs:
    metaclass (0.0.1)
    mocha (0.13.3)
      metaclass (~> 0.0.1)
    rack (1.5.2)
    rack-protection (1.5.0)
      rack
    rack-test (0.6.2)
      rack (>= 1.0)
    rake (10.0.3)
    sinatra (1.4.2)
      rack (~> 1.5, >= 1.5.2)
      rack-protection (~> 1.4)
      tilt (~> 1.3, >= 1.3.4)
    style_palette (0.0.3)
    tilt (1.3.6)

PLATFORMS
  ruby

DEPENDENCIES
  bundler (~> 1.3)
  mocha
  rack-test
  rake
  sinatra
  style_palette
